GEM
  remote: https://rubygems.org/
  specs:
    coderay (1.1.1)
    em-dir-watcher (0.9.4)
    eventmachine (1.2.3)
    method_source (0.8.2)
    pry (0.10.4)
      coderay (~> 1.1.0)
      method_source (~> 0.8.1)
      slop (~> 3.4)
    slop (3.6.0)

PLATFORMS
  ruby

DEPENDENCIES
  em-dir-watcher
  eventmachine
  pry

BUNDLED WITH
   1.14.6
